GIT
  remote: git://github.com/wolframarnold/koala.git
  revision: 80b3545e44174bb4f24235c15f9c22727fe7f562
  ref: 80b3545e44174bb4f24235c15f9c22727fe7f562
  branch: issue237_batch_block_gets_processed_result
  specs:
    koala (1.5.0)
      faraday (~> 0.8)
      multi_json (~> 1.3)

GEM
  remote: https://rubygems.org/
  specs:
    3scale_client (2.2.10)
      nokogiri
    actionmailer (3.2.11)
      actionpack (= 3.2.11)
      mail (~> 2.4.4)
    actionpack (3.2.11)
      activemodel (= 3.2.11)
      activesupport (= 3.2.11)
      builder (~> 3.0.0)
      erubis (~> 2.7.0)
      journey (~> 1.0.4)
      rack (~> 1.4.0)
      rack-cache (~> 1.2)
      rack-test (~> 0.6.1)
      sprockets (~> 2.2.1)
    activemodel (3.2.11)
      activesupport (= 3.2.11)
      builder (~> 3.0.0)
    activerecord (3.2.11)
      activemodel (= 3.2.11)
      activesupport (= 3.2.11)
      arel (~> 3.0.2)
      tzinfo (~> 0.3.29)
    activeresource (3.2.11)
      activemodel (= 3.2.11)
      activesupport (= 3.2.11)
    activesupport (3.2.11)
      i18n (~> 0.6)
      multi_json (~> 1.0)
    addressable (2.2.8)
    arel (3.0.2)
    blankslate (2.1.2.4)
    bootstrap-sass (2.0.4.0)
    bootstrap-will_paginate (0.0.7)
      will_paginate
    bootswatch-rails (0.0.12)
      railties (>= 3.1)
    bson (1.6.4)
    bson_ext (1.6.4)
      bson (~> 1.6.4)
    builder (3.0.4)
    coffee-rails (3.2.2)
      coffee-script (>= 2.2.0)
      railties (~> 3.2.0)
    coffee-script (2.2.0)
      coffee-script-source
      execjs
    coffee-script-source (1.3.3)
    crack (0.3.1)
    daemons (1.1.8)
    database_cleaner (0.8.0)
    diff-lcs (1.1.3)
    erubis (2.7.0)
    eshq (0.0.4)
      json
    eventmachine (0.12.10)
    excon (0.14.1)
    execjs (1.4.0)
      multi_json (~> 1.0)
    factory_girl (3.5.0)
      activesupport (>= 3.0.0)
    factory_girl_rails (3.5.0)
      factory_girl (~> 3.5.0)
      railties (>= 3.0.0)
    faraday (0.8.1)
      multipart-post (~> 1.1)
    fb-channel-file (0.0.1)
      rails (>= 3.0)
    geocoder (1.1.2)
    gmaps4rails (1.5.2)
    haml (3.1.6)
    haml-rails (0.3.4)
      actionpack (~> 3.0)
      activesupport (~> 3.0)
      haml (~> 3.0)
      railties (~> 3.0)
    hashie (1.2.0)
    heroku (2.28.2)
      heroku-api (~> 0.2.6)
      launchy (>= 0.3.2)
      netrc (~> 0.7.4)
      rest-client (~> 1.6.1)
      rubyzip
    heroku-api (0.2.6)
      excon (~> 0.14.0)
    highline (1.6.13)
    hike (1.2.1)
    httpauth (0.1)
    i18n (0.6.1)
    jbuilder (0.4.0)
      activesupport (>= 3.0.0)
      blankslate (>= 2.1.2.4)
    journey (1.0.4)
    jquery-rails (2.0.2)
      railties (>= 3.2.0, < 5.0)
      thor (~> 0.14)
    json (1.7.6)
    kgio (2.7.4)
    launchy (2.1.0)
      addressable (~> 2.2.6)
    mail (2.4.4)
      i18n (>= 0.4.0)
      mime-types (~> 1.16)
      treetop (~> 1.4.8)
    mime-types (1.19)
    mongo (1.6.2)
      bson (~> 1.6.2)
    mongoid (2.4.12)
      activemodel (~> 3.1)
      mongo (<= 1.6.2)
      tzinfo (~> 0.3.22)
    multi_json (1.5.0)
    multipart-post (1.1.5)
    netrc (0.7.4)
    newrelic_rpm (3.4.0.1)
    nokogiri (1.5.5)
    oauth2 (0.6.1)
      faraday (~> 0.7)
      httpauth (~> 0.1)
      multi_json (~> 1.3)
    omniauth (1.1.0)
      hashie (~> 1.2)
      rack
    omniauth-facebook (1.3.0)
      omniauth-oauth2 (~> 1.0.2)
    omniauth-oauth2 (1.0.2)
      oauth2 (~> 0.6.0)
      omniauth (~> 1.0)
    polyglot (0.3.3)
    rack (1.4.4)
    rack-cache (1.2)
      rack (>= 0.4)
    rack-protection (1.2.0)
      rack
    rack-ssl (1.3.2)
      rack
    rack-test (0.6.2)
      rack (>= 1.0)
    rails (3.2.11)
      actionmailer (= 3.2.11)
      actionpack (= 3.2.11)
      activerecord (= 3.2.11)
      activeresource (= 3.2.11)
      activesupport (= 3.2.11)
      bundler (~> 1.0)
      railties (= 3.2.11)
    railties (3.2.11)
      actionpack (= 3.2.11)
      activesupport (= 3.2.11)
      rack-ssl (~> 1.3.2)
      rake (>= 0.8.7)
      rdoc (~> 3.4)
      thor (>= 0.14.6, < 2.0)
    raindrops (0.10.0)
    rake (10.0.3)
    rdoc (3.12)
      json (~> 1.4)
    redis (2.2.2)
    redis-namespace (1.0.3)
      redis (< 3.0.0)
    resque (1.20.0)
      multi_json (~> 1.0)
      redis-namespace (~> 1.0.2)
      sinatra (>= 0.9.2)
      vegas (~> 0.1.2)
    rest-client (1.6.7)
      mime-types (>= 1.16)
    rspec (2.11.0)
      rspec-core (~> 2.11.0)
      rspec-expectations (~> 2.11.0)
      rspec-mocks (~> 2.11.0)
    rspec-core (2.11.1)
    rspec-expectations (2.11.1)
      diff-lcs (~> 1.1.3)
    rspec-mocks (2.11.1)
    rspec-rails (2.11.0)
      actionpack (>= 3.0)
      activesupport (>= 3.0)
      railties (>= 3.0)
      rspec (~> 2.11.0)
    rubyzip (0.9.9)
    sass (3.1.19)
    sass-rails (3.2.5)
      railties (~> 3.2.0)
      sass (>= 3.1.10)
      tilt (~> 1.3)
    simple_form (2.0.2)
      actionpack (~> 3.0)
      activemodel (~> 3.0)
    sinatra (1.3.2)
      rack (~> 1.3, >= 1.3.6)
      rack-protection (~> 1.2)
      tilt (~> 1.3, >= 1.3.3)
    spork (0.9.2)
    sprockets (2.2.2)
      hike (~> 1.2)
      multi_json (~> 1.0)
      rack (~> 1.0)
      tilt (~> 1.1, != 1.3.0)
    thin (1.4.1)
      daemons (>= 1.0.9)
      eventmachine (>= 0.12.6)
      rack (>= 1.0.0)
    thor (0.16.0)
    tilt (1.3.3)
    treetop (1.4.12)
      polyglot
      polyglot (>= 0.3.1)
    tzinfo (0.3.35)
    uglifier (1.2.6)
      execjs (>= 0.3.0)
      multi_json (~> 1.3)
    unicorn (4.3.1)
      kgio (~> 2.6)
      rack
      raindrops (~> 0.7)
    vcr (2.2.2)
    vegas (0.1.11)
      rack (>= 1.0.0)
    webmock (1.8.7)
      addressable (>= 2.2.7)
      crack (>= 0.1.7)
    will_paginate (3.0.3)
    will_paginate_mongoid (1.0.5)
      mongoid (~> 2.4)
      will_paginate (~> 3.0.2)

PLATFORMS
  ruby

DEPENDENCIES
  3scale_client (~> 2.2.10)
  bootstrap-sass (~> 2.0.4.0)
  bootstrap-will_paginate (~> 0.0.7)
  bootswatch-rails (~> 0.0.12)
  bson_ext (~> 1.6.2)
  coffee-rails (~> 3.2.2)
  database_cleaner (~> 0.8.0)
  eshq (~> 0.0.4)
  factory_girl_rails (~> 3.5.0)
  fb-channel-file (~> 0.0.1)
  geocoder (~> 1.1.2)
  gmaps4rails (~> 1.5.2)
  haml (~> 3.1.6)
  haml-rails (~> 0.3.4)
  heroku
  highline (~> 1.6.12)
  jbuilder (~> 0.4.0)
  jquery-rails (~> 2.0.2)
  koala!
  mongoid (~> 2.4.12)
  newrelic_rpm (~> 3.4.0.1)
  omniauth (~> 1.1.0)
  omniauth-facebook (~> 1.3.0)
  rails (= 3.2.11)
  resque (~> 1.20.0)
  rest-client (~> 1.6.7)
  rspec-rails (~> 2.11.0)
  sass-rails (~> 3.2.5)
  simple_form (~> 2.0.2)
  spork (~> 0.9.2)
  thin (~> 1.4.1)
  uglifier (~> 1.2.6)
  unicorn (~> 4.3.0)
  vcr (~> 2.2.2)
  webmock (~> 1.8.7)
  will_paginate_mongoid (~> 1.0.5)
