GEM
  remote: https://rubygems.org/
  specs:
    3scale_client (2.2.10)
      nokogiri
    actionmailer (3.2.13)
      actionpack (= 3.2.13)
      mail (~> 2.5.3)
    actionpack (3.2.13)
      activemodel (= 3.2.13)
      activesupport (= 3.2.13)
      builder (~> 3.0.0)
      erubis (~> 2.7.0)
      journey (~> 1.0.4)
      rack (~> 1.4.5)
      rack-cache (~> 1.2)
      rack-test (~> 0.6.1)
      sprockets (~> 2.2.1)
    activemodel (3.2.13)
      activesupport (= 3.2.13)
      builder (~> 3.0.0)
    activerecord (3.2.13)
      activemodel (= 3.2.13)
      activesupport (= 3.2.13)
      arel (~> 3.0.2)
      tzinfo (~> 0.3.29)
    activeresource (3.2.13)
      activemodel (= 3.2.13)
      activesupport (= 3.2.13)
    activesupport (3.2.13)
      i18n (= 0.6.1)
      multi_json (~> 1.0)
    addressable (2.3.3)
    arel (3.0.2)
    bootstrap-sass (2.0.4.2)
    bootstrap-will_paginate (0.0.9)
      will_paginate
    bootswatch-rails (0.0.12)
      railties (>= 3.1)
    bson (1.6.4)
    bson_ext (1.6.4)
      bson (~> 1.6.4)
    builder (3.0.4)
    coffee-rails (3.2.2)
      coffee-script (>= 2.2.0)
      railties (~> 3.2.0)
    coffee-script (2.2.0)
      coffee-script-source
      execjs
    coffee-script-source (1.6.2)
    crack (0.3.2)
    daemons (1.1.9)
    database_cleaner (0.8.0)
    diff-lcs (1.2.2)
    erubis (2.7.0)
    eshq (0.0.9)
      multi_json (~> 1.3)
    eventmachine (1.0.3)
    execjs (1.4.0)
      multi_json (~> 1.0)
    factory_girl (4.2.0)
      activesupport (>= 3.0.0)
    factory_girl_rails (4.2.1)
      factory_girl (~> 4.2.0)
      railties (>= 3.0.0)
    faraday (0.8.7)
      multipart-post (~> 1.1)
    fb-channel-file (0.0.1)
      rails (>= 3.0)
    geocoder (1.1.6)
    gmaps4rails (1.5.6)
    haml (3.1.8)
    haml-rails (0.3.5)
      actionpack (>= 3.1, < 4.1)
      activesupport (>= 3.1, < 4.1)
      haml (~> 3.1)
      railties (>= 3.1, < 4.1)
    hashie (1.2.0)
    highline (1.6.16)
    hike (1.2.1)
    httpauth (0.2.0)
    i18n (0.6.1)
    jbuilder (1.2.0)
      activesupport (>= 3.0.0)
    journey (1.0.4)
    jquery-rails (2.2.1)
      railties (>= 3.0, < 5.0)
      thor (>= 0.14, < 2.0)
    json (1.7.7)
    jwt (0.1.8)
      multi_json (>= 1.5)
    kgio (2.8.0)
    koala (1.6.0)
      addressable (~> 2.2)
      faraday (~> 0.8)
      multi_json (~> 1.3)
    mail (2.5.3)
      i18n (>= 0.4.0)
      mime-types (~> 1.16)
      treetop (~> 1.4.8)
    mime-types (1.22)
    mongo (1.6.2)
      bson (~> 1.6.2)
    mongoid (2.4.12)
      activemodel (~> 3.1)
      mongo (<= 1.6.2)
      tzinfo (~> 0.3.22)
    multi_json (1.7.2)
    multipart-post (1.2.0)
    newrelic_rpm (3.6.0.78)
    nokogiri (1.5.5)
    oauth2 (0.8.1)
      faraday (~> 0.8)
      httpauth (~> 0.1)
      jwt (~> 0.1.4)
      multi_json (~> 1.0)
      rack (~> 1.2)
    omniauth (1.1.3)
      hashie (~> 1.2)
      rack
    omniauth-facebook (1.4.1)
      omniauth-oauth2 (~> 1.1.0)
    omniauth-oauth2 (1.1.1)
      oauth2 (~> 0.8.0)
      omniauth (~> 1.0)
    polyglot (0.3.3)
    rack (1.4.5)
    rack-cache (1.2)
      rack (>= 0.4)
    rack-protection (1.5.0)
      rack
    rack-ssl (1.3.3)
      rack
    rack-test (0.6.2)
      rack (>= 1.0)
    rails (3.2.13)
      actionmailer (= 3.2.13)
      actionpack (= 3.2.13)
      activerecord (= 3.2.13)
      activeresource (= 3.2.13)
      activesupport (= 3.2.13)
      bundler (~> 1.0)
      railties (= 3.2.13)
    railties (3.2.13)
      actionpack (= 3.2.13)
      activesupport (= 3.2.13)
      rack-ssl (~> 1.3.2)
      rake (>= 0.8.7)
      rdoc (~> 3.4)
      thor (>= 0.14.6, < 2.0)
    raindrops (0.10.0)
    rake (10.0.4)
    rdoc (3.12.2)
      json (~> 1.4)
    redis (2.2.2)
    redis-namespace (1.0.3)
      redis (< 3.0.0)
    resque (1.20.0)
      multi_json (~> 1.0)
      redis-namespace (~> 1.0.2)
      sinatra (>= 0.9.2)
      vegas (~> 0.1.2)
    rest-client (1.6.7)
      mime-types (>= 1.16)
    rspec-core (2.13.1)
    rspec-expectations (2.13.0)
      diff-lcs (>= 1.1.3, < 2.0)
    rspec-mocks (2.13.1)
    rspec-rails (2.13.0)
      actionpack (>= 3.0)
      activesupport (>= 3.0)
      railties (>= 3.0)
      rspec-core (~> 2.13.0)
      rspec-expectations (~> 2.13.0)
      rspec-mocks (~> 2.13.0)
    sass (3.2.7)
    sass-rails (3.2.6)
      railties (~> 3.2.0)
      sass (>= 3.1.10)
      tilt (~> 1.3)
    simple_form (2.0.4)
      actionpack (~> 3.0)
      activemodel (~> 3.0)
    sinatra (1.3.6)
      rack (~> 1.4)
      rack-protection (~> 1.3)
      tilt (~> 1.3, >= 1.3.3)
    spork (0.9.2)
    sprockets (2.2.2)
      hike (~> 1.2)
      multi_json (~> 1.0)
      rack (~> 1.0)
      tilt (~> 1.1, != 1.3.0)
    thin (1.4.1)
      daemons (>= 1.0.9)
      eventmachine (>= 0.12.6)
      rack (>= 1.0.0)
    thor (0.18.1)
    tilt (1.3.6)
    treetop (1.4.12)
      polyglot
      polyglot (>= 0.3.1)
    tzinfo (0.3.37)
    uglifier (2.0.1)
      execjs (>= 0.3.0)
      multi_json (~> 1.0, >= 1.0.2)
    unicorn (4.6.2)
      kgio (~> 2.6)
      rack
      raindrops (~> 0.7)
    vcr (2.2.5)
    vegas (0.1.11)
      rack (>= 1.0.0)
    webmock (1.8.11)
      addressable (>= 2.2.7)
      crack (>= 0.1.7)
    will_paginate (3.0.4)
    will_paginate_mongoid (1.0.5)
      mongoid (~> 2.4)
      will_paginate (~> 3.0.2)

PLATFORMS
  ruby

DEPENDENCIES
  3scale_client (~> 2.2.10)
  bootstrap-sass (~> 2.0.4.0)
  bootstrap-will_paginate (~> 0.0.7)
  bootswatch-rails (~> 0.0.12)
  bson_ext (~> 1.6.2)
  coffee-rails (~> 3.2.2)
  database_cleaner (~> 0.8.0)
  eshq (~> 0.0.9)
  factory_girl_rails (~> 4.2.1)
  fb-channel-file (~> 0.0.1)
  geocoder (~> 1.1.2)
  gmaps4rails (~> 1.5.2)
  haml (~> 3.1.6)
  haml-rails (~> 0.3.4)
  highline (~> 1.6.12)
  jbuilder (~> 1.2.0)
  jquery-rails (~> 2.2.1)
  koala (~> 1.6.0)
  mongoid (~> 2.4.12)
  newrelic_rpm (~> 3.6.0.78)
  omniauth (~> 1.1.3)
  omniauth-facebook (~> 1.4.1)
  rails (= 3.2.13)
  resque (~> 1.20.0)
  rest-client (~> 1.6.7)
  rspec-rails (~> 2.13.0)
  sass-rails (~> 3.2.6)
  simple_form (~> 2.0.2)
  spork (~> 0.9.2)
  thin (~> 1.4.1)
  uglifier (~> 2.0.1)
  unicorn (~> 4.6.2)
  vcr (~> 2.2.2)
  webmock (~> 1.8.7)
  will_paginate_mongoid (~> 1.0.5)
